GEM
  remote: https://rubygems.org/
  specs:
    actioncable (6.1.5.1)
      actionpack (= 6.1.5.1)
      activesupport (= 6.1.5.1)
      nio4r (~> 2.0)
      websocket-driver (>= 0.6.1)
    actionmailbox (6.1.5.1)
      actionpack (= 6.1.5.1)
      activejob (= 6.1.5.1)
      activerecord (= 6.1.5.1)
      activestorage (= 6.1.5.1)
      activesupport (= 6.1.5.1)
      mail (>= 2.7.1)
    actionmailer (6.1.5.1)
      actionpack (= 6.1.5.1)
      actionview (= 6.1.5.1)
      activejob (= 6.1.5.1)
      activesupport (= 6.1.5.1)
      mail (~> 2.5, >= 2.5.4)
      rails-dom-testing (~> 2.0)
    actionpack (6.1.5.1)
      actionview (= 6.1.5.1)
      activesupport (= 6.1.5.1)
      rack (~> 2.0, >= 2.0.9)
      rack-test (>= 0.6.3)
      rails-dom-testing (~> 2.0)
      rails-html-sanitizer (~> 1.0, >= 1.2.0)
    actiontext (6.1.5.1)
      actionpack (= 6.1.5.1)
      activerecord (= 6.1.5.1)
      activestorage (= 6.1.5.1)
      activesupport (= 6.1.5.1)
      nokogiri (>= 1.8.5)
    actionview (6.1.5.1)
      activesupport (= 6.1.5.1)
      builder (~> 3.1)
      erubi (~> 1.4)
      rails-dom-testing (~> 2.0)
      rails-html-sanitizer (~> 1.1, >= 1.2.0)
    activejob (6.1.5.1)
      activesupport (= 6.1.5.1)
      globalid (>= 0.3.6)
    activemodel (6.1.5.1)
      activesupport (= 6.1.5.1)
    activerecord (6.1.5.1)
      activemodel (= 6.1.5.1)
      activesupport (= 6.1.5.1)
    activestorage (6.1.5.1)
      actionpack (= 6.1.5.1)
      activejob (= 6.1.5.1)
      activerecord (= 6.1.5.1)
      activesupport (= 6.1.5.1)
      marcel (~> 1.0)
      mini_mime (>= 1.1.0)
    activesupport (6.1.5.1)
      concurrent-ruby (~> 1.0, >= 1.0.2)
      i18n (>= 1.6, < 2)
      minitest (>= 5.1)
      tzinfo (~> 2.0)
      zeitwerk (~> 2.3)
    addressable (2.8.6)
      public_suffix (>= 2.0.2, < 6.0)
    autoprefixer-rails (10.4.16.0)
      execjs (~> 2)
    bcrypt (3.1.20)
    bindex (0.8.1)
    bootsnap (1.18.3)
      msgpack (~> 1.2)
    bootstrap (5.0.2)
      autoprefixer-rails (>= 9.1.0)
      popper_js (>= 2.9.2, < 3)
      sassc-rails (>= 2.0.0)
    builder (3.2.4)
    byebug (11.1.3)
    capybara (3.40.0)
      addressable
      matrix
      mini_mime (>= 0.1.3)
      nokogiri (~> 1.11)
      rack (>= 1.6.0)
      rack-test (>= 0.6.3)
      regexp_parser (>= 1.5, < 3.0)
      xpath (~> 3.2)
    carrierwave (3.0.7)
      activemodel (>= 6.0.0)
      activesupport (>= 6.0.0)
      addressable (~> 2.6)
      image_processing (~> 1.1)
      marcel (~> 1.0.0)
      ssrf_filter (~> 1.0)
    concurrent-ruby (1.2.3)
    crass (1.0.6)
    date (3.3.4)
    diff-lcs (1.5.1)
    dotenv (3.1.0)
    dotenv-rails (3.1.0)
      dotenv (= 3.1.0)
      railties (>= 6.1)
    erubi (1.12.0)
    execjs (2.9.1)
    faker (3.3.1)
      i18n (>= 1.8.11, < 2)
    ffi (1.16.3)
    font-awesome-rails (4.7.0.8)
      railties (>= 3.2, < 8.0)
    globalid (1.2.1)
      activesupport (>= 6.1)
    i18n (1.14.4)
      concurrent-ruby (~> 1.0)
    image_processing (1.12.2)
      mini_magick (>= 4.9.5, < 5)
      ruby-vips (>= 2.0.17, < 3)
    jbuilder (2.11.5)
      actionview (>= 5.0.0)
      activesupport (>= 5.0.0)
    jquery-rails (4.6.0)
      rails-dom-testing (>= 1, < 3)
      railties (>= 4.2.0)
      thor (>= 0.14, < 2.0)
    listen (3.9.0)
      rb-fsevent (~> 0.10, >= 0.10.3)
      rb-inotify (~> 0.9, >= 0.9.10)
    loofah (2.22.0)
      crass (~> 1.0.2)
      nokogiri (>= 1.12.0)
    mail (2.8.1)
      mini_mime (>= 0.1.1)
      net-imap
      net-pop
      net-smtp
    marcel (1.0.4)
    matrix (0.4.2)
    method_source (1.0.0)
    mini_magick (4.12.0)
    mini_mime (1.1.5)
    minitest (5.22.3)
    monetize (1.13.0)
      money (~> 6.12)
    money (6.19.0)
      i18n (>= 0.6.4, <= 2)
    money-rails (1.15.0)
      activesupport (>= 3.0)
      monetize (~> 1.9)
      money (~> 6.13)
      railties (>= 3.0)
    msgpack (1.7.2)
    net-imap (0.4.10)
      date
      net-protocol
    net-pop (0.1.2)
      net-protocol
    net-protocol (0.2.2)
      timeout
    net-smtp (0.5.0)
      net-protocol
    nio4r (2.7.1)
    nokogiri (1.16.3-aarch64-linux)
      racc (~> 1.4)
    nokogiri (1.16.3-arm-linux)
      racc (~> 1.4)
    nokogiri (1.16.3-arm64-darwin)
      racc (~> 1.4)
    nokogiri (1.16.3-x86-linux)
      racc (~> 1.4)
    nokogiri (1.16.3-x86_64-darwin)
      racc (~> 1.4)
    nokogiri (1.16.3-x86_64-linux)
      racc (~> 1.4)
    observer (0.1.2)
    pg (1.5.6)
    pkg-config (1.5.6)
    popper_js (2.11.8)
    psych (5.1.2)
      stringio
    public_suffix (5.0.5)
    puma (5.6.8)
      nio4r (~> 2.0)
    racc (1.7.3)
    rack (2.2.9)
    rack-mini-profiler (2.3.4)
      rack (>= 1.2.0)
    rack-proxy (0.7.7)
      rack
    rack-test (2.1.0)
      rack (>= 1.3)
    rails (6.1.5.1)
      actioncable (= 6.1.5.1)
      actionmailbox (= 6.1.5.1)
      actionmailer (= 6.1.5.1)
      actionpack (= 6.1.5.1)
      actiontext (= 6.1.5.1)
      actionview (= 6.1.5.1)
      activejob (= 6.1.5.1)
      activemodel (= 6.1.5.1)
      activerecord (= 6.1.5.1)
      activestorage (= 6.1.5.1)
      activesupport (= 6.1.5.1)
      bundler (>= 1.15.0)
      railties (= 6.1.5.1)
      sprockets-rails (>= 2.0.0)
    rails-dom-testing (2.2.0)
      activesupport (>= 5.0.0)
      minitest
      nokogiri (>= 1.6)
    rails-html-sanitizer (1.6.0)
      loofah (~> 2.21)
      nokogiri (~> 1.14)
    railties (6.1.5.1)
      actionpack (= 6.1.5.1)
      activesupport (= 6.1.5.1)
      method_source
      rake (>= 12.2)
      thor (~> 1.0)
    rake (13.2.1)
    rb-fsevent (0.11.2)
    rb-inotify (0.10.1)
      ffi (~> 1.0)
    rdoc (6.6.3.1)
      psych (>= 4.0.0)
    regexp_parser (2.9.0)
    rexml (3.2.6)
    rmagick (5.4.4)
      observer (~> 0.1)
      pkg-config (~> 1.4)
    rspec-core (3.13.0)
      rspec-support (~> 3.13.0)
    rspec-expectations (3.13.0)
      diff-lcs (>= 1.2.0, < 2.0)
      rspec-support (~> 3.13.0)
    rspec-mocks (3.13.0)
      diff-lcs (>= 1.2.0, < 2.0)
      rspec-support (~> 3.13.0)
    rspec-rails (6.1.2)
      actionpack (>= 6.1)
      activesupport (>= 6.1)
      railties (>= 6.1)
      rspec-core (~> 3.13)
      rspec-expectations (~> 3.13)
      rspec-mocks (~> 3.13)
      rspec-support (~> 3.13)
    rspec-support (3.13.1)
    ruby-vips (2.2.1)
      ffi (~> 1.12)
    rubyzip (2.3.2)
    sass-rails (6.0.0)
      sassc-rails (~> 2.1, >= 2.1.1)
    sassc (2.4.0)
      ffi (~> 1.9)
    sassc-rails (2.1.2)
      railties (>= 4.0.0)
      sassc (>= 2.0)
      sprockets (> 3.0)
      sprockets-rails
      tilt
    sdoc (2.6.1)
      rdoc (>= 5.0)
    selenium-webdriver (4.10.0)
      rexml (~> 3.2, >= 3.2.5)
      rubyzip (>= 1.2.2, < 3.0)
      websocket (~> 1.0)
    semantic_range (3.0.0)
    spring (4.1.3)
    sprockets (4.2.1)
      concurrent-ruby (~> 1.0)
      rack (>= 2.2.4, < 4)
    sprockets-rails (3.4.2)
      actionpack (>= 5.2)
      activesupport (>= 5.2)
      sprockets (>= 3.0.0)
    ssrf_filter (1.1.2)
    stringio (3.1.0)
    stripe (10.14.0)
    thor (1.3.1)
    tilt (2.3.0)
    timeout (0.4.1)
    turbolinks (5.2.1)
      turbolinks-source (~> 5.2)
    turbolinks-source (5.2.0)
    tzinfo (2.0.6)
      concurrent-ruby (~> 1.0)
    web-console (4.2.1)
      actionview (>= 6.0.0)
      activemodel (>= 6.0.0)
      bindex (>= 0.4.0)
      railties (>= 6.0.0)
    webdrivers (5.3.1)
      nokogiri (~> 1.6)
      rubyzip (>= 1.3.0)
      selenium-webdriver (~> 4.0, < 4.11)
    webpacker (5.4.4)
      activesupport (>= 5.2)
      rack-proxy (>= 0.6.1)
      railties (>= 5.2)
      semantic_range (>= 2.3.0)
    websocket (1.2.10)
    websocket-driver (0.7.6)
      websocket-extensions (>= 0.1.0)
    websocket-extensions (0.1.5)
    xpath (3.2.0)
      nokogiri (~> 1.8)
    zeitwerk (2.6.13)

PLATFORMS
  aarch64-linux
  arm-linux
  arm64-darwin
  x86-linux
  x86_64-darwin
  x86_64-linux

DEPENDENCIES
  bcrypt (~> 3.1.7)
  bootsnap (>= 1.4.4)
  bootstrap (~> 5.0.1)
  byebug
  capybara (>= 3.26)
  carrierwave
  dotenv-rails
  faker
  font-awesome-rails
  jbuilder (~> 2.7)
  jquery-rails
  listen (~> 3.3)
  money-rails
  pg
  puma (~> 5.0)
  rack-mini-profiler (~> 2.0)
  rails (= 6.1.5.1)
  rmagick
  rspec-rails
  sass-rails (>= 6)
  sdoc
  selenium-webdriver
  spring
  stripe
  turbolinks (~> 5)
  tzinfo-data
  web-console (>= 4.1.0)
  webdrivers
  webpacker (~> 5.0)

RUBY VERSION
   ruby 3.1.1p18

BUNDLED WITH
   2.5.7
